GEM
  remote: http://rubygems.org/
  specs:
    rack (1.5.2)
    vienna (0.4.0)
      rack (~> 1.5)

PLATFORMS
  ruby

DEPENDENCIES
  rack
  vienna
